GEM
  remote: https://rubygems.org/
  specs:
    action_text-trix (2.1.15)
      railties
    actioncable (8.1.0.beta1)
      actionpack (= 8.1.0.beta1)
      activesupport (= 8.1.0.beta1)
      nio4r (~> 2.0)
      websocket-driver (>= 0.6.1)
      zeitwerk (~> 2.6)
    actionmailbox (8.1.0.beta1)
      actionpack (= 8.1.0.beta1)
      activejob (= 8.1.0.beta1)
      activerecord (= 8.1.0.beta1)
      activestorage (= 8.1.0.beta1)
      activesupport (= 8.1.0.beta1)
      mail (>= 2.8.0)
    actionmailer (8.1.0.beta1)
      actionpack (= 8.1.0.beta1)
      actionview (= 8.1.0.beta1)
      activejob (= 8.1.0.beta1)
      activesupport (= 8.1.0.beta1)
      mail (>= 2.8.0)
      rails-dom-testing (~> 2.2)
    actionpack (8.1.0.beta1)
      actionview (= 8.1.0.beta1)
      activesupport (= 8.1.0.beta1)
      nokogiri (>= 1.8.5)
      rack (>= 2.2.4)
      rack-session (>= 1.0.1)
      rack-test (>= 0.6.3)
      rails-dom-testing (~> 2.2)
      rails-html-sanitizer (~> 1.6)
      useragent (~> 0.16)
    actiontext (8.1.0.beta1)
      action_text-trix (~> 2.1.15)
      actionpack (= 8.1.0.beta1)
      activerecord (= 8.1.0.beta1)
      activestorage (= 8.1.0.beta1)
      activesupport (= 8.1.0.beta1)
      globalid (>= 0.6.0)
      nokogiri (>= 1.8.5)
    actionview (8.1.0.beta1)
      activesupport (= 8.1.0.beta1)
      builder (~> 3.1)
      erubi (~> 1.11)
      rails-dom-testing (~> 2.2)
      rails-html-sanitizer (~> 1.6)
    activejob (8.1.0.beta1)
      activesupport (= 8.1.0.beta1)
      globalid (>= 0.3.6)
    activemodel (8.1.0.beta1)
      activesupport (= 8.1.0.beta1)
    activerecord (8.1.0.beta1)
      activemodel (= 8.1.0.beta1)
      activesupport (= 8.1.0.beta1)
      timeout (>= 0.4.0)
    activestorage (8.1.0.beta1)
      actionpack (= 8.1.0.beta1)
      activejob (= 8.1.0.beta1)
      activerecord (= 8.1.0.beta1)
      activesupport (= 8.1.0.beta1)
      marcel (~> 1.0)
    activesupport (8.1.0.beta1)
      base64
      benchmark (>= 0.3)
      bigdecimal
      concurrent-ruby (~> 1.0, >= 1.3.1)
      connection_pool (>= 2.2.5)
      drb
      i18n (>= 1.6, < 2)
      logger (>= 1.4.2)
      minitest (>= 5.1)
      securerandom (>= 0.3)
      tzinfo (~> 2.0, >= 2.0.5)
      uri (>= 0.13.1)
    addressable (2.8.7)
      public_suffix (>= 2.0.2, < 7.0)
    ansi (1.5.0)
    aws-eventstream (1.4.0)
    aws-partitions (1.1159.0)
    aws-sdk-core (3.232.0)
      aws-eventstream (~> 1, >= 1.3.0)
      aws-partitions (~> 1, >= 1.992.0)
      aws-sigv4 (~> 1.9)
      base64
      bigdecimal
      jmespath (~> 1, >= 1.6.1)
      logger
    aws-sdk-kms (1.112.0)
      aws-sdk-core (~> 3, >= 3.231.0)
      aws-sigv4 (~> 1.5)
    aws-sdk-s3 (1.199.0)
      aws-sdk-core (~> 3, >= 3.231.0)
      aws-sdk-kms (~> 1)
      aws-sigv4 (~> 1.5)
    aws-sigv4 (1.12.1)
      aws-eventstream (~> 1, >= 1.0.2)
    base64 (0.3.0)
    benchmark (0.4.1)
    bigdecimal (3.2.3)
    bindex (0.8.1)
    bootsnap (1.18.6)
      msgpack (~> 1.2)
    builder (3.3.0)
    capybara (3.40.0)
      addressable
      matrix
      mini_mime (>= 0.1.3)
      nokogiri (~> 1.11)
      rack (>= 1.6.0)
      rack-test (>= 0.6.3)
      regexp_parser (>= 1.5, < 3.0)
      xpath (~> 3.2)
    concurrent-ruby (1.3.5)
    connection_pool (2.5.4)
    crass (1.0.6)
    date (3.4.1)
    debug (1.11.0)
      irb (~> 1.10)
      reline (>= 0.3.8)
    drb (2.2.3)
    dry-cli (1.3.0)
    erb (5.0.2)
    erubi (1.13.1)
    evil_systems (1.1.5)
      capybara
      zeitwerk (>= 2)
    ffi (1.17.2)
    ffi (1.17.2-arm64-darwin)
    ffi (1.17.2-x86_64-darwin)
    ffi (1.17.2-x86_64-linux-gnu)
    globalid (1.2.1)
      activesupport (>= 6.1)
    i18n (1.14.7)
      concurrent-ruby (~> 1.0)
    image_processing (1.14.0)
      mini_magick (>= 4.9.5, < 6)
      ruby-vips (>= 2.0.17, < 3)
    io-console (0.8.1)
    irb (1.15.2)
      pp (>= 0.6.0)
      rdoc (>= 4.0.0)
      reline (>= 0.4.2)
    jbuilder (2.14.1)
      actionview (>= 7.0.0)
      activesupport (>= 7.0.0)
    jmespath (1.6.2)
    logger (1.7.0)
    loofah (2.24.1)
      crass (~> 1.0.2)
      nokogiri (>= 1.12.0)
    mail (2.8.1)
      mini_mime (>= 0.1.1)
      net-imap
      net-pop
      net-smtp
    marcel (1.0.4)
    matrix (0.4.3)
    mime-types (3.7.0)
      logger
      mime-types-data (~> 3.2025, >= 3.2025.0507)
    mime-types-data (3.2025.0909)
    mini_magick (5.3.1)
      logger
    mini_mime (1.1.5)
    mini_portile2 (2.8.9)
    minitest (5.25.5)
    minitest-reporters (1.7.1)
      ansi
      builder
      minitest (>= 5.0)
      ruby-progressbar
    minitest-reporters-pride_reporter (0.0.2)
      minitest (~> 5)
      minitest-reporters (~> 1)
    msgpack (1.8.0)
    mutex_m (0.3.0)
    net-imap (0.5.10)
      date
      net-protocol
    net-pop (0.1.2)
      net-protocol
    net-protocol (0.2.2)
      timeout
    net-smtp (0.5.1)
      net-protocol
    nio4r (2.7.4)
    nokogiri (1.18.9)
      mini_portile2 (~> 2.8.2)
      racc (~> 1.4)
    nokogiri (1.18.9-arm64-darwin)
      racc (~> 1.4)
    nokogiri (1.18.9-x86_64-darwin)
      racc (~> 1.4)
    nokogiri (1.18.9-x86_64-linux-gnu)
      racc (~> 1.4)
    playwright-ruby-client (1.55.0)
      concurrent-ruby (>= 1.1.6)
      mime-types (>= 3.0)
    pp (0.6.2)
      prettyprint
    prettyprint (0.2.0)
    psych (5.2.6)
      date
      stringio
    public_suffix (6.0.2)
    puma (6.6.1)
      nio4r (~> 2.0)
    racc (1.8.1)
    rack (3.2.1)
    rack-proxy (0.7.7)
      rack
    rack-session (2.1.1)
      base64 (>= 0.1.0)
      rack (>= 3.0.0)
    rack-test (2.2.0)
      rack (>= 1.3)
    rackup (2.2.1)
      rack (>= 3)
    rails (8.1.0.beta1)
      actioncable (= 8.1.0.beta1)
      actionmailbox (= 8.1.0.beta1)
      actionmailer (= 8.1.0.beta1)
      actionpack (= 8.1.0.beta1)
      actiontext (= 8.1.0.beta1)
      actionview (= 8.1.0.beta1)
      activejob (= 8.1.0.beta1)
      activemodel (= 8.1.0.beta1)
      activerecord (= 8.1.0.beta1)
      activestorage (= 8.1.0.beta1)
      activesupport (= 8.1.0.beta1)
      bundler (>= 1.15.0)
      railties (= 8.1.0.beta1)
    rails-dom-testing (2.3.0)
      activesupport (>= 5.0.0)
      minitest
      nokogiri (>= 1.6)
    rails-html-sanitizer (1.6.2)
      loofah (~> 2.21)
      nokogiri (>= 1.15.7, != 1.16.7, != 1.16.6, != 1.16.5, != 1.16.4, != 1.16.3, != 1.16.2, != 1.16.1, != 1.16.0.rc1, != 1.16.0)
    railties (8.1.0.beta1)
      actionpack (= 8.1.0.beta1)
      activesupport (= 8.1.0.beta1)
      irb (~> 1.13)
      rackup (>= 1.0.0)
      rake (>= 12.2)
      thor (~> 1.0, >= 1.2.2)
      tsort (>= 0.2)
      zeitwerk (~> 2.6)
    rake (13.3.0)
    rake-compiler-dock (1.9.1)
    rb_sys (0.9.117)
      rake-compiler-dock (= 1.9.1)
    rdoc (6.14.2)
      erb
      psych (>= 4.0.0)
    redis (4.8.1)
    regexp_parser (2.11.2)
    reline (0.6.2)
      io-console (~> 0.5)
    ruby-progressbar (1.13.0)
    ruby-vips (2.2.5)
      ffi (~> 1.12)
      logger
    securerandom (0.4.1)
    sqlite3 (2.7.3)
      mini_portile2 (~> 2.8.0)
    sqlite3 (2.7.3-arm64-darwin)
    sqlite3 (2.7.3-x86_64-darwin)
    sqlite3 (2.7.3-x86_64-linux-gnu)
    stringio (3.1.7)
    thor (1.4.0)
    timeout (0.4.3)
    tsort (0.2.0)
    turbo-rails (2.0.16)
      actionpack (>= 7.1.0)
      railties (>= 7.1.0)
    tzinfo (2.0.6)
      concurrent-ruby (~> 1.0)
    uri (1.0.3)
    useragent (0.16.11)
    vite_rails (3.0.19)
      railties (>= 5.1, < 9)
      vite_ruby (~> 3.0, >= 3.2.2)
    vite_ruby (3.9.2)
      dry-cli (>= 0.7, < 2)
      logger (~> 1.6)
      mutex_m
      rack-proxy (~> 0.6, >= 0.6.1)
      zeitwerk (~> 2.2)
    web-console (4.2.1)
      actionview (>= 6.0.0)
      activemodel (>= 6.0.0)
      bindex (>= 0.4.0)
      railties (>= 6.0.0)
    websocket-driver (0.8.0)
      base64
      websocket-extensions (>= 0.1.0)
    websocket-extensions (0.1.5)
    xpath (3.2.0)
      nokogiri (~> 1.8)
    y-rb (0.6.0)
      rake (~> 13.2)
      rb_sys (~> 0.9.110)
    y-rb (0.6.0-arm64-darwin)
      rake (~> 13.2)
      rb_sys (~> 0.9.110)
    y-rb (0.6.0-x86_64-darwin)
      rake (~> 13.2)
      rb_sys (~> 0.9.110)
    y-rb (0.6.0-x86_64-linux-gnu)
      rake (~> 13.2)
      rb_sys (~> 0.9.110)
    y-rb_actioncable (0.1.7)
      rails (>= 7.0.4)
      y-rb (>= 0.4.5)
    zeitwerk (2.7.3)

PLATFORMS
  arm64-darwin-21
  ruby
  x86_64-darwin-20
  x86_64-linux

DEPENDENCIES
  aws-sdk-s3 (~> 1.114)
  bootsnap
  capybara
  debug
  evil_systems (~> 1.1.5)
  image_processing (~> 1.2)
  jbuilder
  minitest-reporters (~> 1.5)
  minitest-reporters-pride_reporter (~> 0.0.2)
  nokogiri (~> 1.18)
  playwright-ruby-client (~> 1.55.0)
  puma (~> 6)
  rails (~> 8)
  redis (~> 4.0)
  ruby-vips (~> 2.2)
  sqlite3 (~> 2)
  turbo-rails
  tzinfo-data
  vite_rails (~> 3.0)
  web-console
  y-rb_actioncable (~> 0.1.5)

BUNDLED WITH
   2.5.11
